PATH
  remote: .
  specs:
    zobbix (0.0.1)
      httparty (~> 0.13.7)

GEM
  remote: https://rubygems.org/
  specs:
    httparty (0.13.7)
      json (~> 1.8)
      multi_xml (>= 0.5.2)
    json (1.8.3)
    minitest (5.8.1)
    multi_xml (0.5.5)
    rake (10.4.2)

PLATFORMS
  ruby

DEPENDENCIES
  minitest (~> 5.8.1)
  rake (~> 10.0)
  zobbix!
