PATH
  remote: .
  specs:
    zobbix (0.0.1)
      httparty (~> 0.13.7)
      powerpack (~> 0.1.1)

GEM
  remote: https://rubygems.org/
  specs:
    coderay (1.1.0)
    ffaker (2.1.0)
    httparty (0.13.7)
      json (~> 1.8)
      multi_xml (>= 0.5.2)
    json (1.8.3)
    method_source (0.8.2)
    minitest (5.8.1)
    multi_xml (0.5.5)
    powerpack (0.1.1)
    pry (0.10.2)
      coderay (~> 1.1.0)
      method_source (~> 0.8.1)
      slop (~> 3.4)
    rake (10.4.2)
    slop (3.6.0)
    vcr (2.9.3)

PLATFORMS
  ruby

DEPENDENCIES
  ffaker (~> 2.1)
  minitest (~> 5.8.1)
  pry (~> 0.10.2)
  rake (~> 10.0)
  vcr (~> 2.9.3)
  zobbix!
